GEM
  remote: http://rubygems.org/
  specs:
    active_support (3.0.0)
      activesupport (= 3.0.0)
    activesupport (3.0.0)
    addressable (2.2.6)
    coderay (0.9.8)
    diff-lcs (1.1.2)
    em-websocket (0.3.1)
      addressable (>= 2.1.1)
      eventmachine (>= 0.12.9)
    eventmachine (1.0.0.beta.3)
    eventmachine_httpserver (0.2.1)
    guard (0.6.2)
      thor (~> 0.14.6)
    i18n (0.6.0)
    json (1.5.3)
    method_source (0.6.0)
      ruby_parser (>= 2.0.5)
    pry (0.9.3)
      coderay (>= 0.9.8)
      method_source (>= 0.6.0)
      ruby_parser (>= 2.0.5)
      slop (~> 1.9.0)
    rspec (2.6.0)
      rspec-core (~> 2.6.0)
      rspec-expectations (~> 2.6.0)
      rspec-mocks (~> 2.6.0)
    rspec-core (2.6.4)
    rspec-expectations (2.6.0)
      diff-lcs (~> 1.1.2)
    rspec-mocks (2.6.0)
    ruby_parser (2.2.0)
      sexp_processor (~> 3.0)
    sexp_processor (3.0.6)
    slop (1.9.1)
    thor (0.14.6)

PLATFORMS
  ruby

DEPENDENCIES
  active_support
  em-websocket
  eventmachine (= 1.0.0.beta.3)
  eventmachine_httpserver
  guard
  i18n
  json
  pry
  rspec
