GEM
  remote: http://rubygems.org/
  specs:
    addressable (2.2.6)
    em-http-request (1.0.0.beta.4)
      addressable (>= 2.2.3)
      em-socksify
      eventmachine (>= 1.0.0.beta.3)
      http_parser.rb (>= 0.5.1)
    em-socksify (0.1.0)
      eventmachine
    em-websocket (0.3.0)
      addressable (>= 2.1.1)
      eventmachine (>= 0.12.9)
    eventmachine (1.0.0.beta.3)
    guard (0.4.2)
      thor (~> 0.14.6)
    http_parser.rb (0.5.1)
    thor (0.14.6)

PLATFORMS
  ruby

DEPENDENCIES
  em-http-request (= 1.0.0.beta.4)
  em-websocket
  eventmachine (= 1.0.0.beta.3)
  guard
